GEM
  remote: https://rubygems.org/
  specs:
    activesupport (4.1.0)
      i18n (~> 0.6, >= 0.6.9)
      json (~> 1.7, >= 1.7.7)
      minitest (~> 5.1)
      thread_safe (~> 0.1)
      tzinfo (~> 1.1)
    colorize (0.7.2)
    highline (1.6.21)
    i18n (0.6.9)
    json (1.8.1)
    mini_portile (0.5.3)
    minitest (5.3.3)
    mycroft (0.1.2)
      activesupport
      colorize
      highline
      i18n
      thor
    nokogiri (1.6.1)
      mini_portile (~> 0.5.0)
    srgs (1.1.2)
      nokogiri
    thor (0.19.1)
    thread_safe (0.3.3)
    tzinfo (1.1.0)
      thread_safe (~> 0.1)

PLATFORMS
  ruby

DEPENDENCIES
  mycroft
  srgs (~> 1.1.1)
